GEM
  remote: https://rubygems.org/
  specs:
    numo-narray (0.9.2.1)
    numo-pocketfft (0.4.1)
      numo-narray (>= 0.9.1)

PLATFORMS
  x86_64-linux

DEPENDENCIES
  numo-pocketfft (~> 0.4.1)

BUNDLED WITH
   2.4.10
