GEM
  remote: https://rubygems.org/
  specs:
    gruff (0.23.0)
      histogram
      rmagick (>= 5.3)
    histogram (0.2.4.1)
    numo-narray (0.9.2.1)
    numo-pocketfft (0.4.1)
      numo-narray (>= 0.9.1)
    pkg-config (1.5.6)
    rmagick (5.3.0)
      pkg-config (~> 1.4)

PLATFORMS
  x86_64-linux

DEPENDENCIES
  gruff (~> 0.23.0)
  numo-pocketfft (~> 0.4.1)

BUNDLED WITH
   2.4.10
